PATH
  remote: .
  specs:
    rusty_symbol (0.1.3)
      thermite

GEM
  remote: https://rubygems.org/
  specs:
    benchmark-ips (2.7.2)
    coderay (1.1.2)
    diff-lcs (1.3)
    method_source (0.9.2)
    minitar (0.9)
    pry (0.12.2)
      coderay (~> 1.1.0)
      method_source (~> 0.9.0)
    rake (10.5.0)
    rake-compiler (1.0.8)
      rake
    rspec (3.9.0)
      rspec-core (~> 3.9.0)
      rspec-expectations (~> 3.9.0)
      rspec-mocks (~> 3.9.0)
    rspec-core (3.9.0)
      rspec-support (~> 3.9.0)
    rspec-expectations (3.9.0)
      diff-lcs (>= 1.2.0, < 2.0)
      rspec-support (~> 3.9.0)
    rspec-mocks (3.9.0)
      diff-lcs (>= 1.2.0, < 2.0)
      rspec-support (~> 3.9.0)
    rspec-support (3.9.0)
    thermite (0.13.0)
      minitar (~> 0.5)
      rake (>= 10)
      tomlrb (~> 1.2)
    tomlrb (1.2.9)

PLATFORMS
  ruby

DEPENDENCIES
  benchmark-ips
  bundler (~> 2.0)
  pry
  rake (~> 10.0)
  rake-compiler
  rspec (~> 3.0)
  rusty_symbol!

BUNDLED WITH
   2.0.2
