PATH
  remote: /Users/akifumitomiyama/work/private/rusty_symbol
  specs:
    rusty_symbol (0.1.0)
      thermite (~> 0)

GEM
  remote: https://rubygems.org/
  specs:
    coderay (1.1.2)
    method_source (0.9.2)
    minitar (0.9)
    pry (0.12.2)
      coderay (~> 1.1.0)
      method_source (~> 0.9.0)
    rake (13.0.1)
    thermite (0.13.0)
      minitar (~> 0.5)
      rake (>= 10)
      tomlrb (~> 1.2)
    tomlrb (1.2.8)

PLATFORMS
  ruby

DEPENDENCIES
  pry
  rusty_symbol!

BUNDLED WITH
   1.17.2
